GEM
  remote: https://rubygems.org/
  specs:
    rainbow (2.0.0)
    sass (3.3.7)
    scss-lint (0.24.1)
      rainbow (~> 2.0)
      sass (~> 3.3.0)

PLATFORMS
  ruby

DEPENDENCIES
  sass (~> 3.3.7)
  scss-lint (>= 0.24.1)
